GEM
  remote: https://rubygems.org/
  specs:
    mixlib-shellout (1.3.0)
    thor (0.18.1)

PLATFORMS
  ruby

DEPENDENCIES
  mixlib-shellout
  thor
